GIT
  remote: git://github.com/fauxparse/luchadorable.git
  revision: 01975e660056dd223d20b344c63159eba8825e34
  specs:
    luchadorable (0.1.0)
      rmagick (~> 2.16.0)
      thor

GEM
  remote: http://rubygems.org/
  specs:
    activesupport (5.1.4)
      concurrent-ruby (~> 1.0, >= 1.0.2)
      i18n (~> 0.7)
      minitest (~> 5.1)
      tzinfo (~> 1.1)
    addressable (2.5.2)
      public_suffix (>= 2.0.2, < 4.0)
    chunky_png (1.3.8)
    coderay (1.1.2)
    concurrent-ruby (1.0.5)
    css_parser (1.6.0)
      addressable
    dotenv (2.2.1)
    i18n (0.9.1)
      concurrent-ruby (~> 1.0)
    inflecto (0.0.2)
    jira-ruby (1.4.3)
      activesupport
      multipart-post
      oauth (~> 0.5, >= 0.5.0)
    method_source (0.9.0)
    minitest (5.10.3)
    multipart-post (2.0.0)
    oauth (0.5.3)
    pdf-core (0.7.0)
    prawn (2.2.2)
      pdf-core (~> 0.7.0)
      ttfunk (~> 1.5)
    prawn-svg (0.27.1)
      css_parser (~> 1.3)
      prawn (>= 0.11.1, < 3)
    pry (0.11.3)
      coderay (~> 1.1.0)
      method_source (~> 0.9.0)
    public_suffix (3.0.1)
    rmagick (2.16.0)
    rqrcode (0.10.1)
      chunky_png (~> 1.0)
    slop (4.6.0)
    thor (0.20.0)
    thread_safe (0.3.6)
    ttfunk (1.5.1)
    tzinfo (1.2.4)
      thread_safe (~> 0.1)

PLATFORMS
  ruby

DEPENDENCIES
  dotenv
  inflecto
  jira-ruby
  luchadorable!
  prawn
  prawn-svg
  pry
  rqrcode
  slop

BUNDLED WITH
   1.16.0
